PATH
  remote: .
  specs:
    reduce (0.4.0)
      smusher

GEM
  remote: http://rubygems.org/
  specs:
    bump (0.3.8)
    diff-lcs (1.1.3)
    httpclient (2.3.0.1)
    json (1.7.5)
    rake (10.0.3)
    rspec (2.12.0)
      rspec-core (~> 2.12.0)
      rspec-expectations (~> 2.12.0)
      rspec-mocks (~> 2.12.0)
    rspec-core (2.12.2)
    rspec-expectations (2.12.1)
      diff-lcs (~> 1.1.3)
    rspec-mocks (2.12.1)
    smusher (0.4.9)
      httpclient (>= 2.2)
      json
      rake

PLATFORMS
  ruby

DEPENDENCIES
  bump
  rake
  reduce!
  rspec (~> 2)
